{
	"ECGChannelCount": 0,
	"EEGChannelCount": 256,
	"EEGReference": "Cz",
	"EMGChannelCount": 0,
	"EOGChannelCount": 0,
	"EpochLength": 497.321,
	"InstitutionAddress": "CHU de Rennes, Hopital de Pontchaillou, 2 rue Henri le Guilloux, 35033 Rennes cedex 09",
	"InstitutionName": "CHU de Rennes",
	"InstitutionalDepartmentName": "LTSI",
	"MiscChannelCount": 0,
	"PowerLineFrequency": 50,
	"RecordingDuration": 497.321,
	"SamplingFrequency": 1000,
	"SoftwareFilters": "n/a",
    "TaskName":"Naming",
	"TriggerChannelCount": 0
}
